GEM
  remote: https://rubygems.org/
  specs:
    airbrussh (1.3.0)
      sshkit (>= 1.6.1, != 1.7.0)
    ansi (1.5.0)
    capistrano (3.8.2)
      airbrussh (>= 1.0.0)
      i18n
      rake (>= 10.0.0)
      sshkit (>= 1.9.0)
    diff-lcs (1.3)
    hashie (3.5.5)
    highline (1.7.8)
    i18n (0.8.4)
    itamae (1.9.11)
      ansi
      hashie
      schash (~> 0.1.0)
      specinfra (>= 2.64.0, < 3.0.0)
      thor
    kondate (0.4.14)
      highline
      itamae
      parallel
      serverspec
      thor
    multi_json (1.12.1)
    net-scp (1.2.1)
      net-ssh (>= 2.6.5)
    net-ssh (4.1.0)
    net-telnet (0.1.1)
    parallel (1.11.2)
    rake (12.0.0)
    rspec (3.6.0)
      rspec-core (~> 3.6.0)
      rspec-expectations (~> 3.6.0)
      rspec-mocks (~> 3.6.0)
    rspec-core (3.6.0)
      rspec-support (~> 3.6.0)
    rspec-expectations (3.6.0)
      diff-lcs (>= 1.2.0, < 2.0)
      rspec-support (~> 3.6.0)
    rspec-its (1.2.0)
      rspec-core (>= 3.0.0)
      rspec-expectations (>= 3.0.0)
    rspec-mocks (3.6.0)
      diff-lcs (>= 1.2.0, < 2.0)
      rspec-support (~> 3.6.0)
    rspec-support (3.6.0)
    schash (0.1.2)
    serverspec (2.39.1)
      multi_json
      rspec (~> 3.0)
      rspec-its
      specinfra (~> 2.68)
    sfl (2.3)
    specinfra (2.68.0)
      net-scp
      net-ssh (>= 2.7, < 5.0)
      net-telnet
      sfl
    sshkit (1.13.1)
      net-scp (>= 1.1.2)
      net-ssh (>= 2.8.0)
    thor (0.19.4)

PLATFORMS
  ruby

DEPENDENCIES
  capistrano (~> 3.8)
  kondate

BUNDLED WITH
   1.14.6
